GEM
  remote: https://rubygems.org/
  specs:
    dummer (0.4.0)
      fluent-logger
      serverengine
      thor
    fluent-logger (0.7.1)
      msgpack (>= 1.0.0, < 2)
    msgpack (1.1.0)
    serverengine (2.0.5)
      sigdump (~> 0.2.2)
    sigdump (0.2.4)
    thor (0.20.0)

PLATFORMS
  ruby

DEPENDENCIES
  dummer (= 0.4.0)

BUNDLED WITH
   1.15.4
